GEM
  remote: https://rubygems.org/
  specs:
    commander (4.3.8)
      highline (~> 1.7.2)
    dotenv (2.1.0)
    dropbox-api (0.4.7)
      hashie (~> 3.4.0)
      multi_json (~> 1.10)
      oauth (~> 0.4.7)
    hashie (3.4.3)
    highline (1.7.8)
    multi_json (1.11.2)
    oauth (0.4.7)

PLATFORMS
  ruby

DEPENDENCIES
  commander (~> 4.3.8)
  dotenv (~> 2.1.0)
  dropbox-api (~> 0.4.7)

BUNDLED WITH
   1.11.2
